PATH
  remote: .
  specs:
    roger_style_guide (0.0.0)
      roger (~> 1.0, >= 1.4.0)
      sass (~> 3.4.0)

GEM
  remote: https://rubygems.org/
  specs:
    ast (2.1.0)
    astrolabe (1.3.1)
      parser (~> 2.2)
    coderay (1.1.0)
    docile (1.1.5)
    hpricot (0.8.4)
    json (1.8.3)
    metaclass (0.0.4)
    method_source (0.8.2)
    mime-types (2.6.1)
    mocha (1.1.0)
      metaclass (~> 0.0.1)
    parser (2.2.2.6)
      ast (>= 1.1, < 3.0)
    power_assert (0.2.4)
    powerpack (0.1.1)
    pry (0.10.1)
      coderay (~> 1.1.0)
      method_source (~> 0.8.1)
      slop (~> 3.4)
    rack (1.6.4)
    rainbow (2.0.0)
    rake (10.4.2)
    redcarpet (3.3.2)
    roger (1.4.6)
      hpricot (= 0.8.4)
      mime-types (~> 2.2)
      rack (>= 1.0.0)
      redcarpet (>= 3.1.1)
      test_construct (~> 2.0)
      thor (~> 0.19.0)
      tilt (~> 2.0.1)
    rubocop (0.31.0)
      astrolabe (~> 1.3)
      parser (>= 2.2.2.1, < 3.0)
      powerpack (~> 0.1)
      rainbow (>= 1.99.1, < 3.0)
      ruby-progressbar (~> 1.4)
    ruby-progressbar (1.7.5)
    sass (3.4.18)
    simplecov (0.10.0)
      docile (~> 1.1.0)
      json (~> 1.8)
      simplecov-html (~> 0.10.0)
    simplecov-html (0.10.0)
    slop (3.6.0)
    test-unit (3.1.3)
      power_assert
    test_construct (2.0.1)
    thor (0.19.1)
    tilt (2.0.1)

PLATFORMS
  ruby

DEPENDENCIES
  bundler (~> 1.7)
  mocha (~> 1.1.0)
  pry
  rake (~> 10.0)
  roger_style_guide!
  rubocop (~> 0.31.0)
  simplecov (~> 0.10.0)
  test-unit (~> 3.1.2)

BUNDLED WITH
   1.10.6
