PATH
  remote: .
  specs:
    roger_style_guide (0.0.0)
      mustache (~> 0.99, >= 0.99.8)
      roger (~> 1.0, >= 1.7.0)

GEM
  remote: https://rubygems.org/
  specs:
    ast (2.3.0)
    astrolabe (1.3.1)
      parser (~> 2.2)
    codeclimate-test-reporter (1.0.3)
      simplecov
    coderay (1.1.1)
    docile (1.1.5)
    hpricot (0.8.4)
    json (1.8.3)
    metaclass (0.0.4)
    method_source (0.8.2)
    mime-types (2.99.3)
    mocha (1.1.0)
      metaclass (~> 0.0.1)
    mustache (0.99.8)
    parser (2.3.3.0)
      ast (~> 2.2)
    power_assert (0.4.1)
    powerpack (0.1.1)
    pry (0.10.4)
      coderay (~> 1.1.0)
      method_source (~> 0.8.1)
      slop (~> 3.4)
    rack (2.0.1)
    rainbow (2.1.0)
    rake (10.5.0)
    redcarpet (3.3.4)
    roger (1.7.0)
      hpricot (= 0.8.4)
      mime-types (~> 2.2)
      rack (>= 1.0.0)
      redcarpet (>= 3.1.1)
      test_construct (~> 2.0)
      thor (~> 0.19.0)
      tilt (~> 2.0.1)
    rubocop (0.31.0)
      astrolabe (~> 1.3)
      parser (>= 2.2.2.1, < 3.0)
      powerpack (~> 0.1)
      rainbow (>= 1.99.1, < 3.0)
      ruby-progressbar (~> 1.4)
    ruby-progressbar (1.8.1)
    simplecov (0.10.0)
      docile (~> 1.1.0)
      json (~> 1.8)
      simplecov-html (~> 0.10.0)
    simplecov-html (0.10.0)
    slop (3.6.0)
    test-unit (3.1.9)
      power_assert
    test_construct (2.0.1)
    thor (0.19.4)
    tilt (2.0.5)

PLATFORMS
  ruby

DEPENDENCIES
  bundler (~> 1.7)
  codeclimate-test-reporter (~> 1.0.0)
  mocha (~> 1.1.0)
  pry
  rake (~> 10.0)
  roger_style_guide!
  rubocop (~> 0.31.0)
  simplecov (~> 0.10.0)
  test-unit (~> 3.1.2)

BUNDLED WITH
   1.12.5
